GEM
  remote: https://rubygems.org/
  specs:
    minitest (5.10.3)
    minitest-ci (3.2.0)
      minitest (>= 5.0.6)
    puma (3.6.0)
    rack (1.6.4)
    rack-protection (1.5.3)
      rack
    rake (12.0.0)
    sinatra (1.4.7)
      rack (~> 1.5)
      rack-protection (~> 1.4)
      tilt (>= 1.3, < 3)
    tilt (2.0.5)

PLATFORMS
  ruby

DEPENDENCIES
  minitest (~> 5.10.3)
  minitest-ci (~> 3.2.0)
  puma (~> 3.6.0)
  rake (~> 12.0.0)
  sinatra (~> 1.4.7)

RUBY VERSION
   ruby 2.4.1p111

BUNDLED WITH
   1.15.3
