GEM
  remote: https://rubygems.org/
  specs:
    minitest (5.10.3)
    minitest-ci (3.2.0)
      minitest (>= 5.0.6)
    mustermann (1.0.2)
    puma (3.6.0)
    rack (2.0.4)
    rack-protection (2.0.1)
      rack
    rake (12.0.0)
    sinatra (2.0.1)
      mustermann (~> 1.0)
      rack (~> 2.0)
      rack-protection (= 2.0.1)
      tilt (~> 2.0)
    tilt (2.0.8)

PLATFORMS
  ruby

DEPENDENCIES
  minitest (~> 5.10.3)
  minitest-ci (~> 3.2.0)
  puma (~> 3.6.0)
  rake (~> 12.0.0)
  sinatra (~> 2.0.1)

RUBY VERSION
   ruby 2.5.0p0

BUNDLED WITH
   1.16.1
