GEM
  remote: https://rubygems.org/
  specs:
    minitest (5.10.3)
    minitest-ci (3.2.0)
      minitest (>= 5.0.6)
    mustermann (2.0.2)
      ruby2_keywords (~> 0.0.1)
    nio4r (2.5.2)
    puma (4.3.5)
      nio4r (~> 2.0)
    rack (2.2.4)
    rack-protection (2.2.3)
      rack
    rake (12.3.3)
    ruby2_keywords (0.0.5)
    sinatra (2.2.3)
      mustermann (~> 2.0)
      rack (~> 2.2)
      rack-protection (= 2.2.3)
      tilt (~> 2.0)
    tilt (2.0.11)

PLATFORMS
  ruby

DEPENDENCIES
  minitest (~> 5.10.3)
  minitest-ci (~> 3.2.0)
  puma (>= 3.12.2)
  rake (~> 12.3.3)
  sinatra (>= 2.0.2)

RUBY VERSION
   ruby 2.7.0p0

BUNDLED WITH
   2.1.4
